PATH
  remote: .
  specs:
    unstoppable (0.1.0)

GEM
  remote: https://rubygems.org/
  specs:
    diff-lcs (1.2.5)
    kramdown (1.2.0)
    rake (0.9.6)
    rspec (2.14.1)
      rspec-core (~> 2.14.0)
      rspec-expectations (~> 2.14.0)
      rspec-mocks (~> 2.14.0)
    rspec-core (2.14.7)
    rspec-expectations (2.14.4)
      diff-lcs (>= 1.1.3, < 2.0)
    rspec-mocks (2.14.4)
    rubygems-tasks (0.2.4)
    yard (0.8.7.3)

PLATFORMS
  ruby

DEPENDENCIES
  bundler (~> 1.0)
  kramdown
  rake (~> 0.8)
  rspec (~> 2.4)
  rubygems-tasks (~> 0.2)
  unstoppable!
  yard (~> 0.8)
